GEM
  remote: http://rubygems.org/
  specs:
    celluloid (0.12.3)
      facter (>= 1.6.12)
      timers (>= 1.0.0)
    celluloid-io (0.12.0)
      celluloid (~> 0.12.0)
      nio4r (>= 0.4.0)
    certified (0.1.1)
    facter (1.6.14)
    http (0.4.0)
      certified
      http_parser.rb
    http_parser.rb (0.5.3-java)
    multi_json (1.3.7)
    nio4r (0.4.0-java)
    rack (1.4.1)
    reel (0.2.0)
      celluloid-io (>= 0.8.0)
      http (>= 0.2.0)
      http_parser.rb (>= 0.5.3)
      rack (>= 1.4.0)
      websocket_parser (>= 0.1.0)
    timers (1.0.1)
    websocket_parser (0.1.1)
      http

PLATFORMS
  java

DEPENDENCIES
  multi_json
  reel
